GEM
  remote: https://rubygems.org/
  specs:
    activesupport (4.0.0)
      i18n (~> 0.6, >= 0.6.4)
      minitest (~> 4.2)
      multi_json (~> 1.3)
      thread_safe (~> 0.1)
      tzinfo (~> 0.3.37)
    addressable (2.3.5)
    atomic (1.1.12)
    clockwork (0.6.0)
      activesupport
      tzinfo (~> 0.3.35)
    dotenv (0.8.0)
    excon (0.25.3)
    foreman (0.63.0)
      dotenv (>= 0.7)
      thor (>= 0.13.6)
    heroku (2.40.0)
      heroku-api (~> 0.3.7)
      launchy (>= 0.3.2)
      netrc (~> 0.7.7)
      rest-client (~> 1.6.1)
      rubyzip
    heroku-api (0.3.15)
      excon (~> 0.25.1)
    i18n (0.6.5)
    launchy (2.3.0)
      addressable (~> 2.3)
    mime-types (1.23)
    minitest (4.7.5)
    multi_json (1.7.9)
    netrc (0.7.7)
    rest-client (1.6.7)
      mime-types (>= 1.16)
    rubyzip (0.9.9)
    thor (0.18.1)
    thread_safe (0.1.2)
      atomic
    tzinfo (0.3.37)

PLATFORMS
  ruby

DEPENDENCIES
  clockwork
  foreman
  heroku
