GEM
  remote: http://rubygems.org/
  specs:
    addressable (2.3.2)
    clockwork (0.4.1)
      tzinfo
    excon (0.16.10)
    foreman (0.60.2)
      thor (>= 0.13.6)
    heroku (2.33.1)
      heroku-api (~> 0.3.6)
      launchy (>= 0.3.2)
      netrc (~> 0.7.7)
      rest-client (~> 1.6.1)
      rubyzip
    heroku-api (0.3.7)
      excon (~> 0.16.10)
    launchy (2.1.2)
      addressable (~> 2.3)
    mime-types (1.19)
    netrc (0.7.7)
    rest-client (1.6.7)
      mime-types (>= 1.16)
    rubyzip (0.9.9)
    thor (0.16.0)
    tzinfo (0.3.35)

PLATFORMS
  ruby

DEPENDENCIES
  clockwork
  foreman
  heroku
